GEM
  remote: https://rubygems.org/
  specs:
    diff-lcs (1.1.3)
    git (1.2.5)
    hoe (3.1.0)
      rake (~> 0.8)
    hoe-bundler (1.2.0)
      hoe (>= 2.2.0)
    hoe-gemspec (1.0.0)
      hoe (>= 2.2.0)
    json (1.7.5)
    json (1.7.5-java)
    logger (1.2.8)
    rake (0.9.2.2)
    rake-compiler (0.8.0)
      rake
    rdoc (3.12)
      json (~> 1.4)
    rspec (2.11.0)
      rspec-core (~> 2.11.0)
      rspec-expectations (~> 2.11.0)
      rspec-mocks (~> 2.11.0)
    rspec-core (2.11.1)
    rspec-expectations (2.11.3)
      diff-lcs (~> 1.1.3)
    rspec-mocks (2.11.3)

PLATFORMS
  java

DEPENDENCIES
  git
  hoe (~> 3.1)
  hoe-bundler (>= 1.1)
  hoe-gemspec (>= 1.0)
  logger
  rake (>= 0.9)
  rake-compiler (= 0.8.0)
  rdoc (~> 3.10)
  rspec
